PATH
  remote: .
  specs:
    tenk (0.0.0)
      activesupport
      faraday (~> 0.8, < 0.10)
      hashie (>= 3.4)

GEM
  remote: https://rubygems.org/
  specs:
    activesupport (5.0.1)
      concurrent-ruby (~> 1.0, >= 1.0.2)
      i18n (~> 0.7)
      minitest (~> 5.1)
      tzinfo (~> 1.1)
    addressable (2.5.0)
      public_suffix (~> 2.0, >= 2.0.2)
    builder (3.2.3)
    byebug (9.0.6)
    concurrent-ruby (1.0.4)
    crack (0.4.3)
      safe_yaml (~> 1.0.0)
    cucumber (2.4.0)
      builder (>= 2.1.2)
      cucumber-core (~> 1.5.0)
      cucumber-wire (~> 0.0.1)
      diff-lcs (>= 1.1.3)
      gherkin (~> 4.0)
      multi_json (>= 1.7.5, < 2.0)
      multi_test (>= 0.1.2)
    cucumber-core (1.5.0)
      gherkin (~> 4.0)
    cucumber-wire (0.0.1)
    diff-lcs (1.3)
    docile (1.1.5)
    dotenv (2.1.1)
    faraday (0.9.2)
      multipart-post (>= 1.2, < 3)
    gherkin (4.0.0)
    hashie (3.4.6)
    i18n (0.7.0)
    json (1.8.6)
    minitest (5.10.1)
    multi_json (1.12.1)
    multi_test (0.1.2)
    multipart-post (2.0.0)
    public_suffix (2.0.5)
    rake (10.5.0)
    rspec (2.14.1)
      rspec-core (~> 2.14.0)
      rspec-expectations (~> 2.14.0)
      rspec-mocks (~> 2.14.0)
    rspec-core (2.14.8)
    rspec-expectations (2.14.5)
      diff-lcs (>= 1.1.3, < 2.0)
    rspec-mocks (2.14.6)
    safe_yaml (1.0.4)
    simplecov (0.10.0)
      docile (~> 1.1.0)
      json (~> 1.8)
      simplecov-html (~> 0.10.0)
    simplecov-html (0.10.0)
    thread_safe (0.3.5)
    tzinfo (1.2.2)
      thread_safe (~> 0.1)
    vcr (2.9.3)
    webmock (1.17.4)
      addressable (>= 2.2.7)
      crack (>= 0.3.2)
    yard (0.8.7.6)

PLATFORMS
  ruby

DEPENDENCIES
  bundler
  byebug
  cucumber (~> 2.1)
  dotenv
  rake (< 11.0)
  rspec (~> 2.14.1)
  simplecov (~> 0.10.0)
  tenk!
  vcr (~> 2.6)
  webmock (~> 1.17.3)
  yard (~> 0.8.7)

BUNDLED WITH
   1.13.6
